GEM
  remote: http://rubygems.org/
  specs:
    addressable (2.3.2)
    har (0.0.9)
      jschematic (>= 0.1.0)
      json
      launchy (>= 0.3.7)
    jschematic (0.1.0)
      addressable
    json (1.7.5)
    launchy (2.1.2)
      addressable (~> 2.3)

PLATFORMS
  ruby

DEPENDENCIES
  har
